GEM
  remote: http://rubygems.org/
  specs:
    active_support (3.0.0)
      activesupport (= 3.0.0)
    activesupport (3.0.0)
    celluloid (0.12.0)
      timers (>= 1.0.0)
    diff-lcs (1.1.3)
    log4r (1.1.10)
    minitest (4.2.0)
    rake (0.9.2.2)
    rspec (2.11.0)
      rspec-core (~> 2.11.0)
      rspec-expectations (~> 2.11.0)
      rspec-mocks (~> 2.11.0)
    rspec-core (2.11.1)
    rspec-expectations (2.11.3)
      diff-lcs (~> 1.1.3)
    rspec-mocks (2.11.3)
    ruby-prof (0.11.2)
    state_machine (1.1.2)
    timers (1.0.1)
    trollop (2.0)

PLATFORMS
  ruby

DEPENDENCIES
  active_support
  celluloid
  log4r
  minitest
  rake
  rspec
  ruby-prof
  state_machine
  trollop
